GEM
  remote: http://rubygems.org/
  specs:
    cinch (1.1.1)
    daemons (1.1.0)
    mime-types (1.16)
    rest-client (1.6.1)
      mime-types (>= 1.16)

PLATFORMS
  ruby

DEPENDENCIES
  cinch
  daemons
  rest-client
